GEM
  remote: https://rubygems.org/
  specs:
    activesupport (5.1.4)
      concurrent-ruby (~> 1.0, >= 1.0.2)
      i18n (~> 0.7)
      minitest (~> 5.1)
      tzinfo (~> 1.1)
    addressable (2.5.2)
      public_suffix (>= 2.0.2, < 4.0)
    anyway_config (1.1.3)
    bisect (0.1)
    closure-compiler (1.1.11)
    concurrent-ruby (1.0.5)
    cookiejar (0.3.3)
    dotenv (0.11.1)
      dotenv-deployment (~> 0.0.2)
    dotenv-deployment (0.0.2)
    ffi (1.9.18)
    ffi-compiler (1.0.1)
      ffi (>= 1.0.0)
      rake
    foreman (0.75.0)
      dotenv (~> 0.11.1)
      thor (~> 0.19.1)
    http-2 (0.8.4)
    http-parser (1.2.0)
      ffi-compiler (>= 1.0, < 2.0)
    i18n (0.9.1)
      concurrent-ruby (~> 1.0)
    ipaddress (0.8.3)
    libuv (4.0.0)
      concurrent-ruby (~> 1.0)
      ffi (~> 1.9)
      ruby-tls (~> 2.1)
    litecable (0.5.0)
      anyway_config (~> 1.0)
    minitest (5.11.1)
    net-http-digest_auth (1.4.1)
    parse-cron (0.1.4)
    public_suffix (3.0.1)
    rack (2.0.3)
    rake (12.3.0)
    ruby-tls (2.4.0)
      concurrent-ruby (~> 1.0)
      ffi-compiler (>= 1.0, < 2.0)
    rubyntlm (0.6.2)
    sass (3.2.19)
    spider-gazelle (3.1.1)
      http-2 (~> 0.8)
      http-parser (~> 1.1)
      libuv (>= 3.0, < 5.0)
      rack (~> 2.0)
      uv-rays (~> 2.0)
      websocket-driver (~> 0.6)
    thor (0.19.1)
    thread_safe (0.3.6)
    tzinfo (1.2.4)
      thread_safe (~> 0.1)
    uv-rays (2.4.2)
      activesupport (>= 4, < 6)
      addressable (~> 2.4)
      bisect (~> 0.1)
      cookiejar (~> 0.3)
      http-parser (~> 1.2)
      ipaddress (~> 0.8)
      libuv (>= 3.0, < 5.0)
      net-http-digest_auth (~> 1.4)
      parse-cron (~> 0.1)
      rubyntlm (~> 0.6)
      tzinfo (~> 1.2)
    websocket-driver (0.7.0)
      websocket-extensions (>= 0.1.0)
    websocket-extensions (0.1.3)

PLATFORMS
  ruby

DEPENDENCIES
  closure-compiler
  foreman
  litecable
  sass
  spider-gazelle

BUNDLED WITH
   1.11.2
